GEM
  remote: http://rubygems.org/
  specs:
    cinch (2.0.0)
    nokogiri (1.5.0)

PLATFORMS
  ruby

DEPENDENCIES
  cinch (~> 2.0.0)
  nokogiri
