GEM
  remote: http://rubygems.org/
  specs:
    cinch (1.1.3)
    diff-lcs (1.1.3)
    rspec (2.7.0)
      rspec-core (~> 2.7.0)
      rspec-expectations (~> 2.7.0)
      rspec-mocks (~> 2.7.0)
    rspec-core (2.7.1)
    rspec-expectations (2.7.0)
      diff-lcs (~> 1.1.2)
    rspec-mocks (2.7.0)
    spork (0.8.5)

PLATFORMS
  ruby

DEPENDENCIES
  cinch
  rspec
  spork
