GIT
  remote: git://github.com/Clooth/Partyhat.git
  revision: 3c1de1ed287f0ff000bffa8f5fd0fa3137c6bd21
  specs:
    partyhat (0.0.1)
      curb
      nokogiri

GEM
  remote: http://rubygems.org/
  specs:
    cinch (2.0.0)
    curb (0.7.16)
    nokogiri (1.5.0)

PLATFORMS
  ruby

DEPENDENCIES
  cinch (~> 2.0.0)
  nokogiri
  partyhat!
